PATH
  remote: .
  specs:
    flapjack (0.8.10)
      activesupport (~> 3.2.14)
      blather (~> 0.8.3)
      chronic
      chronic_duration
      dante
      em-http-request
      em-resque
      em-synchrony (~> 1.0.2)
      eventmachine (~> 1.0.0)
      hiredis
      ice_cube
      mail
      oj
      rack-fiber_pool
      rbtrace
      redis (~> 3.0.6)
      resque (~> 1.23.0)
      sinatra
      thin (~> 1.6.1)
      tzinfo (~> 1.0.1)
      tzinfo-data

GEM
  remote: https://rubygems.org/
  specs:
    activesupport (3.2.17)
      i18n (~> 0.6, >= 0.6.4)
      multi_json (~> 1.0)
    addressable (2.3.5)
    async_rack_test (0.0.4)
    blather (0.8.8)
      activesupport (>= 2.3.11)
      eventmachine (>= 1.0.0)
      girl_friday
      niceogiri (~> 1.0)
      nokogiri (~> 1.5, >= 1.5.6)
    builder (3.2.2)
    celluloid (0.15.2)
      timers (~> 1.1.0)
    chronic (0.10.2)
    chronic_duration (0.10.4)
      numerizer (~> 0.1.1)
    coderay (1.1.0)
    connection_pool (1.2.0)
    cookiejar (0.3.2)
    crack (0.4.1)
      safe_yaml (~> 0.9.0)
    cucumber (1.3.10)
      builder (>= 2.1.2)
      diff-lcs (>= 1.1.3)
      gherkin (~> 2.12)
      multi_json (>= 1.7.5, < 2.0)
      multi_test (>= 0.0.2)
    daemons (1.1.9)
    dante (0.2.0)
    debugger-ruby_core_source (1.3.2)
    delorean (2.1.0)
      chronic
    diff-lcs (1.2.5)
    docile (1.1.1)
    em-hiredis (0.1.1)
      hiredis (~> 0.4.0)
    em-http-request (1.1.2)
      addressable (>= 2.3.4)
      cookiejar
      em-socksify (>= 0.3)
      eventmachine (>= 1.0.3)
      http_parser.rb (>= 0.6.0)
    em-resque (1.1.1)
      em-hiredis (~> 0.1.0)
      em-synchrony (~> 1.0.0)
      resque (~> 1.2)
    em-socksify (0.3.0)
      eventmachine (>= 1.0.0.beta.4)
    em-synchrony (1.0.3)
      eventmachine (>= 1.0.0.beta.1)
    eventmachine (1.0.3)
    ffi (1.9.3)
    formatador (0.2.4)
    fuubar (1.3.2)
      rspec (>= 2.14.0, < 3.1.0)
      ruby-progressbar (~> 1.3)
    gherkin (2.12.2)
      multi_json (~> 1.3)
    girl_friday (0.11.2)
      connection_pool (~> 1.0)
      rubinius-actor
    guard (2.2.5)
      formatador (>= 0.2.4)
      listen (~> 2.1)
      lumberjack (~> 1.0)
      pry (>= 0.9.12)
      thor (>= 0.18.1)
    guard-cucumber (1.4.1)
      cucumber (>= 1.2.0)
      guard (>= 1.1.0)
    guard-rspec (4.2.3)
      guard (~> 2.1)
      rspec (>= 2.14, < 4.0)
    hiredis (0.4.5)
    http_parser.rb (0.6.0)
    i18n (0.6.9)
    ice_cube (0.12.0)
    listen (2.4.0)
      celluloid (>= 0.15.2)
      rb-fsevent (>= 0.9.3)
      rb-inotify (>= 0.9)
    lumberjack (1.0.4)
    mail (2.5.4)
      mime-types (~> 1.16)
      treetop (~> 1.4.8)
    method_source (0.8.2)
    mime-types (1.25.1)
    mini_portile (0.5.3)
    msgpack (0.5.8)
    multi_json (1.8.2)
    multi_test (0.0.3)
    niceogiri (1.1.2)
      nokogiri (~> 1.5)
    nokogiri (1.6.1)
      mini_portile (~> 0.5.0)
    numerizer (0.1.1)
    oj (2.8.1)
    perftools.rb (2.0.1)
    polyglot (0.3.4)
    pry (0.9.12.4)
      coderay (~> 1.0)
      method_source (~> 0.8)
      slop (~> 3.4)
    rack (1.5.2)
    rack-fiber_pool (0.9.3)
    rack-protection (1.5.1)
      rack
    rack-test (0.6.2)
      rack (>= 1.0)
    rake (10.1.1)
    rb-fsevent (0.9.4)
    rb-inotify (0.9.3)
      ffi (>= 0.5.0)
    rbtrace (0.4.3)
      ffi (>= 1.0.6)
      msgpack (>= 0.4.3)
      trollop (>= 1.16.2)
    redis (3.0.6)
    redis-namespace (1.4.1)
      redis (~> 3.0.4)
    resque (1.23.1)
      multi_json (~> 1.0)
      redis-namespace (~> 1.0)
      sinatra (>= 0.9.2)
      vegas (~> 0.1.2)
    resque_spec (0.14.4)
      resque (>= 1.19.0)
      rspec-core (>= 2.5.0)
      rspec-expectations (>= 2.5.0)
      rspec-mocks (>= 2.5.0)
    rspec (3.0.0.beta1)
      rspec-core (= 3.0.0.beta1)
      rspec-expectations (= 3.0.0.beta1)
      rspec-mocks (= 3.0.0.beta1)
    rspec-core (3.0.0.beta1)
      rspec-support (= 3.0.0.beta1)
    rspec-expectations (3.0.0.beta1)
      diff-lcs (>= 1.1.3, < 2.0)
      rspec-support (= 3.0.0.beta1)
    rspec-mocks (3.0.0.beta1)
      rspec-support (= 3.0.0.beta1)
    rspec-support (3.0.0.beta1)
    rubinius-actor (0.0.2)
      rubinius-core-api
    rubinius-core-api (0.0.1)
    ruby-prof (0.14.2)
    ruby-progressbar (1.4.0)
    safe_yaml (0.9.7)
    simplecov (0.8.2)
      docile (~> 1.1.0)
      multi_json
      simplecov-html (~> 0.8.0)
    simplecov-html (0.8.0)
    sinatra (1.4.4)
      rack (~> 1.4)
      rack-protection (~> 1.4)
      tilt (~> 1.3, >= 1.3.4)
    slop (3.4.7)
    thin (1.6.2)
      daemons (>= 1.0.9)
      eventmachine (>= 1.0.0)
      rack (>= 1.0.0)
    thor (0.18.1)
    tilt (1.4.1)
    timers (1.1.0)
    treetop (1.4.15)
      polyglot
      polyglot (>= 0.3.1)
    trollop (2.0)
    tzinfo (1.0.1)
    tzinfo-data (1.2014.2)
      tzinfo (>= 1.0.0)
    vegas (0.1.11)
      rack (>= 1.0.0)
    webmock (1.16.1)
      addressable (>= 2.2.7)
      crack (>= 0.3.2)

PLATFORMS
  ruby

DEPENDENCIES
  async_rack_test
  cucumber
  debugger-ruby_core_source (>= 1.3.2)
  delorean
  flapjack!
  fuubar
  guard
  guard-cucumber
  guard-rspec
  perftools.rb
  rack-test
  rake
  rb-fsevent
  resque_spec
  rspec (~> 3.0.0.beta1)
  ruby-prof
  simplecov
  webmock
